PATH
  remote: .
  specs:
    cfdi_parser (0.0.1)
      nokogiri

GEM
  remote: https://rubygems.org/
  specs:
    mini_portile (0.6.0)
    minitest (5.3.5)
    nokogiri (1.6.2.1)
      mini_portile (= 0.6.0)
    rake (10.3.2)

PLATFORMS
  ruby

DEPENDENCIES
  bundler (~> 1.6)
  cfdi_parser!
  minitest (~> 5.3.5)
  rake
