PATH
  remote: .
  specs:
    cfdi_parser (0.0.1)
      nokogiri

GEM
  remote: https://rubygems.org/
  specs:
    mini_portile (0.6.1)
    minitest (5.4.3)
    nokogiri (1.6.4.1)
      mini_portile (~> 0.6.0)
    rake (10.3.2)

PLATFORMS
  ruby

DEPENDENCIES
  bundler (~> 1.6)
  cfdi_parser!
  minitest
  rake
